GEM
  remote: https://rubygems.org/
  specs:
    activesupport (4.2.4)
      i18n (~> 0.7)
      json (~> 1.7, >= 1.7.7)
      minitest (~> 5.1)
      thread_safe (~> 0.3, >= 0.3.4)
      tzinfo (~> 1.1)
    builder (3.2.2)
    colorize (0.7.7)
    crack (0.4.2)
      safe_yaml (~> 1.0.0)
    curb (0.8.8)
    domain_name (0.5.24)
      unf (>= 0.0.5, < 1.0.0)
    eventmachine (1.0.8)
    faye-websocket (0.10.1)
      eventmachine (>= 0.12.0)
      websocket-driver (>= 0.5.1)
    file-append (0.0.1)
    http-cookie (1.0.2)
      domain_name (~> 0.5)
    httparty (0.13.3)
      json (~> 1.8)
      multi_xml (>= 0.5.2)
    i18n (0.7.0)
    json (1.8.3)
    jwt (1.5.2)
    mechanize (2.7.3)
      domain_name (~> 0.5, >= 0.5.1)
      http-cookie (~> 1.0)
      mime-types (~> 2.0)
      net-http-digest_auth (~> 1.1, >= 1.1.1)
      net-http-persistent (~> 2.5, >= 2.5.2)
      nokogiri (~> 1.4)
      ntlm-http (~> 0.1, >= 0.1.1)
      webrobots (>= 0.0.9, < 0.2)
    mime-types (2.6.1)
    mini_portile (0.6.2)
    minitest (5.8.2)
    multi_json (1.11.2)
    multi_xml (0.5.5)
    net-http-digest_auth (1.4)
    net-http-persistent (2.9.4)
    nokogiri (1.6.6.2)
      mini_portile (~> 0.6.0)
    ntlm-http (0.1.1)
    ptools (1.3.3)
    require_all (1.3.2)
    ruby-hackernews (1.3.7)
      mechanize (>= 1.0.0)
      require_all (>= 1.1.0)
    safe_yaml (1.0.4)
    slackbot_frd (0.2.0)
      activesupport (~> 4.2)
      colorize (~> 0.7)
      faye-websocket (~> 0.9)
      file-append (~> 0.0)
      httparty (= 0.13.3)
      json (~> 1.8)
      ptools (~> 1.3)
      thor (~> 0.19)
    sqlite3 (1.3.10)
    thor (0.19.1)
    thread_safe (0.3.5)
    twilio-ruby (4.6.1)
      builder (>= 2.1.2)
      jwt (~> 1.0)
      multi_json (>= 1.3.0)
    tzinfo (1.2.2)
      thread_safe (~> 0.1)
    unf (0.1.4)
      unf_ext
    unf_ext (0.0.7.1)
    webrobots (0.1.1)
    websocket-driver (0.6.3)
      websocket-extensions (>= 0.1.0)
    websocket-extensions (0.1.2)

PLATFORMS
  ruby

DEPENDENCIES
  crack
  curb
  ruby-hackernews
  slackbot_frd
  sqlite3
  thor
  twilio-ruby

BUNDLED WITH
   1.10.4
