GIT
  remote: https://github.com/opes/slack_markdown.git
  revision: 78ce4fcaf4ee80b68ecb8dd78bba8fc50a77a523
  specs:
    slack_markdown (0.2.3)
      escape_utils (~> 1.0.1)
      gemoji (>= 2.1.0)
      html-pipeline (~> 2.0)

GIT
  remote: https://github.com/opes/slackbot_frd.git
  revision: 098150bc7a42230a9764ae637118b27276c7c965
  specs:
    slackbot_frd (0.3.5)
      activesupport (~> 4.2)
      colorize (~> 0.7)
      faye-websocket (~> 0.9)
      file-append (~> 0.0)
      httparty (= 0.13.3)
      json (~> 1.8)
      ptools (~> 1.3)
      thor (~> 0.19)

GEM
  remote: https://rubygems.org/
  specs:
    activesupport (4.2.10)
      i18n (~> 0.7)
      minitest (~> 5.1)
      thread_safe (~> 0.3, >= 0.3.4)
      tzinfo (~> 1.1)
    aws-sdk (2.4.0)
      aws-sdk-resources (= 2.4.0)
    aws-sdk-core (2.4.0)
      jmespath (~> 1.0)
    aws-sdk-resources (2.4.0)
      aws-sdk-core (= 2.4.0)
    byebug (9.0.6)
    colorize (0.8.1)
    concurrent-ruby (1.0.5)
    crack (0.4.3)
      safe_yaml (~> 1.0.0)
    curb (0.9.3)
    domain_name (0.5.20160615)
      unf (>= 0.0.5, < 1.0.0)
    escape_utils (1.0.1)
    eventmachine (1.2.7)
    faye-websocket (0.10.7)
      eventmachine (>= 0.12.0)
      websocket-driver (>= 0.5.1)
    file-append (0.0.1)
    fuzzy_match (2.1.0)
    gemoji (3.0.0)
    html-pipeline (2.8.0)
      activesupport (>= 2)
      nokogiri (>= 1.4)
    http-cookie (1.0.2)
      domain_name (~> 0.5)
    httparty (0.13.3)
      json (~> 1.8)
      multi_xml (>= 0.5.2)
    i18n (0.9.5)
      concurrent-ruby (~> 1.0)
    jmespath (1.3.1)
    json (1.8.6)
    mechanize (2.7.4)
      domain_name (~> 0.5, >= 0.5.1)
      http-cookie (~> 1.0)
      mime-types (>= 1.17.2, < 3)
      net-http-digest_auth (~> 1.1, >= 1.1.1)
      net-http-persistent (~> 2.5, >= 2.5.2)
      nokogiri (~> 1.6)
      ntlm-http (~> 0.1, >= 0.1.1)
      webrobots (>= 0.0.9, < 0.2)
    mime-types (2.99.2)
    mini_portile2 (2.1.0)
    minitest (5.11.3)
    multi_xml (0.6.0)
    net-http-digest_auth (1.4)
    net-http-persistent (2.9.4)
    nokogiri (1.6.8)
      mini_portile2 (~> 2.1.0)
      pkg-config (~> 1.1.7)
    ntlm-http (0.1.1)
    pkg-config (1.1.7)
    ptools (1.3.5)
    require_all (1.3.3)
    ruby-hackernews (1.4.0)
      mechanize (>= 1.0.0)
      require_all (>= 1.1.0)
    safe_yaml (1.0.4)
    sqlite3 (1.3.11)
    thor (0.19.4)
    thread_safe (0.3.6)
    tzinfo (1.2.5)
      thread_safe (~> 0.1)
    unf (0.1.4)
      unf_ext
    unf_ext (0.0.7.2)
    webrobots (0.1.2)
    websocket-driver (0.7.0)
      websocket-extensions (>= 0.1.0)
    websocket-extensions (0.1.3)

PLATFORMS
  ruby

DEPENDENCIES
  aws-sdk
  byebug
  crack
  curb
  fuzzy_match
  json
  ruby-hackernews
  slack_markdown!
  slackbot_frd!
  sqlite3
  thor

BUNDLED WITH
   1.16.1
